{
    "Modality": "MR",
    "MagneticFieldStrength": 3,
    "ImagingFrequency": 123.259,
    "Manufacturer": "Siemens",
    "ManufacturersModelName": "Prisma",
    "InstitutionName": "",
    "InstitutionalDepartmentName": "",
    "InstitutionAddress": "",
    "DeviceSerialNumber": "66093",
    "StationName": "",
    "BodyPartExamined": "BRAIN",
    "PatientPosition": "HFS",
    "SoftwareVersions": "syngo_MR_E11",
    "MRAcquisitionType": "2D",
    "SeriesDescription": "BOLD_2p4_MB6_P1_TE30_TR800_AP",
    "ProtocolName": "BOLD_2p4_MB6_P1_TE30_TR800_AP",
    "ScanningSequence": "EP",
    "SequenceVariant": "SK_SS",
    "ScanOptions": "FS",
    "SequenceName": "epfid2d1_90",
    "ImageType": [
        "ORIGINAL",
        "PRIMARY",
        "M",
        "MB",
        "ND",
        "MOSAIC"
    ],
    "SeriesNumber": 7,
    "AcquisitionTime": "",
    "AcquisitionNumber": 1,
    "ImageComments": "Unaliased_MB6_PE3_LB",
    "SliceThickness": 2.4,
    "SpacingBetweenSlices": 2.4,
    "SAR": 0.0950397,
    "EchoTime": 0.03,
    "RepetitionTime": 0.8,
    "FlipAngle": 52,
    "PartialFourier": 1,
    "BaseResolution": 90,
    "ShimSetting": [
        4927,
        -11467,
        -1337,
        655,
        -89,
        -190,
        172,
        75
    ],
    "TxRefAmp": 228.184,
    "PhaseResolution": 1,
    "VendorReportedEchoSpacing": 0.00051,
    "ReceiveCoilName": "Head_32",
    "ReceiveCoilActiveElements": "HEA;HEP",
    "PulseSequenceDetails": "%CustomerSeq%_cmrr_mbep2d_bold",
    "WipMemBlock": "1094f2d8-89a5-4497-93c0-b6ba73f849ae||Sequence: R016 ve11c/master r/e634e98; Dec 19 2017 11:00:25 by eja",
    "ConsistencyInfo": "N4_VE11C_LATEST_20160120",
    "MultibandAccelerationFactor": 6,
    "PercentPhaseFOV": 100,
    "EchoTrainLength": 90,
    "PhaseEncodingSteps": 90,
    "AcquisitionMatrixPE": 90,
    "ReconMatrixPE": 90,
    "BandwidthPerPixelPhaseEncode": 21.786,
    "EffectiveEchoSpacing": 0.000510012,
    "DerivedVendorReportedEchoSpacing": 0.000510012,
    "TotalReadoutTime": 0.045391,
    "PixelBandwidth": 2780,
    "DwellTime": 2e-06,
    "PhaseEncodingDirection": "j-",
    "SliceTiming": [
        0,
        0.5475,
        0.3125,
        0.08,
        0.625,
        0.39,
        0.1575,
        0.7025,
        0.47,
        0.235,
        0,
        0.5475,
        0.3125,
        0.08,
        0.625,
        0.39,
        0.1575,
        0.7025,
        0.47,
        0.235,
        0,
        0.5475,
        0.3125,
        0.08,
        0.625,
        0.39,
        0.1575,
        0.7025,
        0.47,
        0.235,
        0,
        0.5475,
        0.3125,
        0.08,
        0.625,
        0.39,
        0.1575,
        0.7025,
        0.47,
        0.235,
        0,
        0.5475,
        0.3125,
        0.08,
        0.625,
        0.39,
        0.1575,
        0.7025,
        0.47,
        0.235,
        0,
        0.5475,
        0.3125,
        0.08,
        0.625,
        0.39,
        0.1575,
        0.7025,
        0.47,
        0.235
    ],
    "ImageOrientationPatientDICOM": [
        0.999828,
        -0.00557833,
        0.017689,
        2.66659e-08,
        0.953702,
        0.300754
    ],
    "InPlanePhaseEncodingDirectionDICOM": "COL",
    "ConversionSoftware": "dcm2niix",
    "ConversionSoftwareVersion": "v1.0.20181125  GCC6.3.0",
    "TaskName": "verbgen"
}