{
    "Modality": "MR",
    "MagneticFieldStrength": 3,
    "ImagingFrequency": 123.259,
    "Manufacturer": "Siemens",
    "ManufacturersModelName": "Prisma",
    "InstitutionName": "",
    "InstitutionalDepartmentName": "",
    "InstitutionAddress": "",
    "DeviceSerialNumber": "66093",
    "StationName": "",
    "BodyPartExamined": "BRAIN",
    "PatientPosition": "HFS",
    "SoftwareVersions": "syngo_MR_E11",
    "MRAcquisitionType": "2D",
    "SeriesDescription": "BOLD_2p4_MB6_P1_TE30_TR800_AP_SBRef",
    "ProtocolName": "BOLD_2p4_MB6_P1_TE30_TR800_AP",
    "ScanningSequence": "EP",
    "SequenceVariant": "SK_SS",
    "ScanOptions": "FS",
    "SequenceName": "epfid2d1_90",
    "ImageType": [
        "ORIGINAL",
        "PRIMARY",
        "M",
        "ND",
        "MOSAIC"
    ],
    "SeriesNumber": 6,
    "AcquisitionTime": "",
    "AcquisitionNumber": 1,
    "ImageComments": "Single-band_reference",
    "SliceThickness": 2.4,
    "SpacingBetweenSlices": 2.4,
    "SAR": 0.0921087,
    "EchoTime": 0.03,
    "RepetitionTime": 0.8,
    "FlipAngle": 52,
    "PartialFourier": 1,
    "BaseResolution": 90,
    "ShimSetting": [
        4881,
        -11438,
        -1151,
        808,
        -124,
        29,
        133,
        92
    ],
    "TxRefAmp": 245.084,
    "PhaseResolution": 1,
    "VendorReportedEchoSpacing": 0.00051,
    "ReceiveCoilName": "Head_32",
    "ReceiveCoilActiveElements": "HEA;HEP",
    "PulseSequenceDetails": "%CustomerSeq%_cmrr_mbep2d_bold",
    "WipMemBlock": "0cc32f51-78e6-4330-9573-61e14279773f||Sequence: R016 ve11c/master r/e634e98; Dec 19 2017 11:00:25 by eja",
    "ConsistencyInfo": "N4_VE11C_LATEST_20160120",
    "PercentPhaseFOV": 100,
    "EchoTrainLength": 90,
    "PhaseEncodingSteps": 90,
    "AcquisitionMatrixPE": 90,
    "ReconMatrixPE": 90,
    "BandwidthPerPixelPhaseEncode": 21.786,
    "EffectiveEchoSpacing": 0.000510012,
    "DerivedVendorReportedEchoSpacing": 0.000510012,
    "TotalReadoutTime": 0.045391,
    "PixelBandwidth": 2780,
    "DwellTime": 2e-06,
    "PhaseEncodingDirection": "j-",
    "SliceTiming": [
        0,
        0.0775,
        0.155,
        0.2325,
        0.3125,
        0.39,
        0.4675,
        0.545,
        0.6225,
        0.7,
        0.78,
        0.8575,
        0.935,
        1.0125,
        1.09,
        1.17,
        1.2475,
        1.325,
        1.4025,
        1.48,
        1.56,
        1.6375,
        1.715,
        1.7925,
        1.87,
        1.95,
        2.0275,
        2.105,
        2.1825,
        2.26,
        2.34,
        2.4175,
        2.495,
        2.5725,
        2.65,
        2.73,
        2.8075,
        2.885,
        2.9625,
        3.04,
        3.12,
        3.1975,
        3.275,
        3.3525,
        3.43,
        3.51,
        3.5875,
        3.665,
        3.7425,
        3.82,
        3.9,
        3.9775,
        4.055,
        4.1325,
        4.21,
        4.2875,
        4.3675,
        4.445,
        4.5225,
        4.6
    ],
    "ImageOrientationPatientDICOM": [
        0.998035,
        0.00405097,
        -0.0625212,
        5.49755e-08,
        0.997907,
        0.064659
    ],
    "InPlanePhaseEncodingDirectionDICOM": "COL",
    "ConversionSoftware": "dcm2niix",
    "ConversionSoftwareVersion": "v1.0.20181125  GCC6.3.0",
    "TaskName": "verbgen"
}