{
    "Modality": "MR",
    "MagneticFieldStrength": 3,
    "ImagingFrequency": 123.26,
    "Manufacturer": "Siemens",
    "ManufacturersModelName": "Prisma",
    "InstitutionName": "",
    "InstitutionalDepartmentName": "",
    "InstitutionAddress": "",
    "DeviceSerialNumber": "66093",
    "StationName": "",
    "BodyPartExamined": "BRAIN",
    "PatientPosition": "HFS",
    "SoftwareVersions": "syngo_MR_E11",
    "MRAcquisitionType": "2D",
    "SeriesDescription": "BOLD_2p4_MB6_P1_TE30_TR800_AP",
    "ProtocolName": "BOLD_2p4_MB6_P1_TE30_TR800_AP",
    "ScanningSequence": "EP",
    "SequenceVariant": "SK_SS",
    "ScanOptions": "FS",
    "SequenceName": "epfid2d1_90",
    "ImageType": [
        "ORIGINAL",
        "PRIMARY",
        "M",
        "MB",
        "ND",
        "MOSAIC"
    ],
    "SeriesNumber": 7,
    "AcquisitionTime": "",
    "AcquisitionNumber": 1,
    "ImageComments": "Unaliased_MB6_PE3_LB",
    "SliceThickness": 2.4,
    "SpacingBetweenSlices": 2.4,
    "SAR": 0.0789094,
    "EchoTime": 0.03,
    "RepetitionTime": 0.8,
    "FlipAngle": 52,
    "PartialFourier": 1,
    "BaseResolution": 90,
    "ShimSetting": [
        4934,
        -11380,
        -1338,
        414,
        59,
        99,
        -8,
        53
    ],
    "TxRefAmp": 245.763,
    "PhaseResolution": 1,
    "VendorReportedEchoSpacing": 0.00051,
    "ReceiveCoilName": "Head_32",
    "ReceiveCoilActiveElements": "HEA;HEP",
    "PulseSequenceDetails": "%CustomerSeq%_cmrr_mbep2d_bold",
    "WipMemBlock": "ec5e51db-3dd0-4b6c-9271-6ab16c9fd266||Sequence: R016 ve11c/master r/e634e98; Dec 19 2017 11:00:25 by eja",
    "ConsistencyInfo": "N4_VE11C_LATEST_20160120",
    "MultibandAccelerationFactor": 6,
    "PercentPhaseFOV": 100,
    "EchoTrainLength": 90,
    "PhaseEncodingSteps": 90,
    "AcquisitionMatrixPE": 90,
    "ReconMatrixPE": 90,
    "BandwidthPerPixelPhaseEncode": 21.786,
    "EffectiveEchoSpacing": 0.000510012,
    "DerivedVendorReportedEchoSpacing": 0.000510012,
    "TotalReadoutTime": 0.045391,
    "PixelBandwidth": 2780,
    "DwellTime": 2e-06,
    "PhaseEncodingDirection": "j-",
    "SliceTiming": [
        0,
        0.545,
        0.31,
        0.0775,
        0.6225,
        0.39,
        0.155,
        0.7,
        0.4675,
        0.2325,
        0,
        0.545,
        0.31,
        0.0775,
        0.6225,
        0.39,
        0.155,
        0.7,
        0.4675,
        0.2325,
        0,
        0.545,
        0.31,
        0.0775,
        0.6225,
        0.39,
        0.155,
        0.7,
        0.4675,
        0.2325,
        0,
        0.545,
        0.31,
        0.0775,
        0.6225,
        0.39,
        0.155,
        0.7,
        0.4675,
        0.2325,
        0,
        0.545,
        0.31,
        0.0775,
        0.6225,
        0.39,
        0.155,
        0.7,
        0.4675,
        0.2325,
        0,
        0.545,
        0.31,
        0.0775,
        0.6225,
        0.39,
        0.155,
        0.7,
        0.4675,
        0.2325
    ],
    "ImageOrientationPatientDICOM": [
        0.999666,
        -0.00381994,
        -0.0255515,
        9.61541e-09,
        0.989009,
        -0.147856
    ],
    "InPlanePhaseEncodingDirectionDICOM": "COL",
    "ConversionSoftware": "dcm2niix",
    "ConversionSoftwareVersion": "v1.0.20181125  GCC6.3.0",
    "TaskName": "verbgen"
}