{
    "Modality": "MR",
    "MagneticFieldStrength": 3,
    "Manufacturer": "Siemens",
    "ManufacturersModelName": "Prisma",
    "InstitutionName": "",
    "InstitutionalDepartmentName": "",
    "InstitutionAddress": "",
    "DeviceSerialNumber": "66093",
    "StationName": "",
    "BodyPartExamined": "BRAIN",
    "PatientPosition": "HFS",
    "SoftwareVersions": "syngo_MR_E11",
    "MRAcquisitionType": "2D",
    "SeriesDescription": "fieldmap_2p4mm_FoV_216x216x144",
    "ProtocolName": "fieldmap_2p4mm_FoV_216x216x144",
    "ScanningSequence": "GR",
    "SequenceVariant": "SP",
    "SequenceName": "_fm2d2r",
    "ImageType": [
        "ORIGINAL",
        "PRIMARY",
        "P",
        "ND"
    ],
    "SeriesNumber": 5,
    "AcquisitionTime": "",
    "AcquisitionNumber": 1,
    "SliceThickness": 2.4,
    "SpacingBetweenSlices": 2.4,
    "SAR": 0.0979012,
    "EchoNumber": 2,
    "EchoTime": 0.00738,
    "RepetitionTime": 0.59,
    "FlipAngle": 46,
    "PartialFourier": 1,
    "BaseResolution": 90,
    "ShimSetting": [
        4964,
        -11442,
        -1423,
        613,
        92,
        -202,
        -33,
        -20
    ],
    "TxRefAmp": 230.855,
    "PhaseResolution": 1,
    "ReceiveCoilName": "Head_32",
    "ReceiveCoilActiveElements": "HEA;HEP",
    "PulseSequenceDetails": "%SiemensSeq%_gre_field_mapping",
    "ConsistencyInfo": "N4_VE11C_LATEST_20160120",
    "PercentPhaseFOV": 100,
    "PhaseEncodingSteps": 90,
    "AcquisitionMatrixPE": 90,
    "ReconMatrixPE": 90,
    "PixelBandwidth": 610,
    "DwellTime": 9.1e-06,
    "PhaseEncodingDirection": "j-",
    "ImageOrientationPatientDICOM": [
        0.998242,
        0.00217549,
        0.0592266,
        1.67153e-08,
        0.999326,
        -0.0367072
    ],
    "InPlanePhaseEncodingDirectionDICOM": "COL",
    "ConversionSoftware": "dcm2niix",
    "ConversionSoftwareVersion": "v1.0.20180614 GCC6.3.0",
    "EchoTime1": "0.00492",
    "EchoTime2": "0.00738"
}