{
    "Modality": "MR",
    "MagneticFieldStrength": 3,
    "ImagingFrequency": 123.26,
    "Manufacturer": "Siemens",
    "ManufacturersModelName": "Prisma",
    "InstitutionName": "",
    "InstitutionalDepartmentName": "",
    "InstitutionAddress": "",
    "DeviceSerialNumber": "66093",
    "StationName": "",
    "BodyPartExamined": "BRAIN",
    "PatientPosition": "HFS",
    "SoftwareVersions": "syngo_MR_E11",
    "MRAcquisitionType": "2D",
    "SeriesDescription": "BOLD_2p4_MB6_P1_TE30_TR800_AP_SBRef",
    "ProtocolName": "BOLD_2p4_MB6_P1_TE30_TR800_AP",
    "ScanningSequence": "EP",
    "SequenceVariant": "SK_SS",
    "ScanOptions": "FS",
    "SequenceName": "epfid2d1_90",
    "ImageType": [
        "ORIGINAL",
        "PRIMARY",
        "M",
        "ND",
        "MOSAIC"
    ],
    "SeriesNumber": 6,
    "AcquisitionTime": "",
    "AcquisitionNumber": 1,
    "ImageComments": "Single-band_reference",
    "SliceThickness": 2.4,
    "SpacingBetweenSlices": 2.4,
    "SAR": 0.0903247,
    "EchoTime": 0.03,
    "RepetitionTime": 0.8,
    "FlipAngle": 52,
    "PartialFourier": 1,
    "BaseResolution": 90,
    "ShimSetting": [
        4925,
        -11418,
        -1297,
        406,
        -38,
        34,
        -3,
        41
    ],
    "TxRefAmp": 242.992,
    "PhaseResolution": 1,
    "VendorReportedEchoSpacing": 0.00051,
    "ReceiveCoilName": "Head_32",
    "ReceiveCoilActiveElements": "HEA;HEP",
    "PulseSequenceDetails": "%CustomerSeq%_cmrr_mbep2d_bold",
    "WipMemBlock": "cda2f1b0-c399-4e50-9a6c-d37d07f7dda8||Sequence: R016 ve11c/master r/e634e98; Dec 19 2017 11:00:25 by eja",
    "ConsistencyInfo": "N4_VE11C_LATEST_20160120",
    "PercentPhaseFOV": 100,
    "EchoTrainLength": 90,
    "PhaseEncodingSteps": 90,
    "AcquisitionMatrixPE": 90,
    "ReconMatrixPE": 90,
    "BandwidthPerPixelPhaseEncode": 21.786,
    "EffectiveEchoSpacing": 0.000510012,
    "DerivedVendorReportedEchoSpacing": 0.000510012,
    "TotalReadoutTime": 0.045391,
    "PixelBandwidth": 2780,
    "DwellTime": 2e-06,
    "PhaseEncodingDirection": "j-",
    "SliceTiming": [
        0,
        0.0775,
        0.155,
        0.235,
        0.3125,
        0.39,
        0.4675,
        0.545,
        0.625,
        0.7025,
        0.78,
        0.8575,
        0.935,
        1.015,
        1.0925,
        1.17,
        1.2475,
        1.325,
        1.405,
        1.4825,
        1.56,
        1.6375,
        1.715,
        1.795,
        1.8725,
        1.95,
        2.0275,
        2.105,
        2.185,
        2.2625,
        2.34,
        2.4175,
        2.495,
        2.575,
        2.6525,
        2.73,
        2.8075,
        2.885,
        2.965,
        3.0425,
        3.12,
        3.1975,
        3.275,
        3.355,
        3.4325,
        3.51,
        3.5875,
        3.665,
        3.7425,
        3.8225,
        3.9,
        3.9775,
        4.055,
        4.1325,
        4.2125,
        4.29,
        4.3675,
        4.445,
        4.5225,
        4.6025
    ],
    "ImageOrientationPatientDICOM": [
        0.999986,
        -0.000136926,
        0.00523065,
        -4.56725e-08,
        0.999657,
        0.0261775
    ],
    "InPlanePhaseEncodingDirectionDICOM": "COL",
    "ConversionSoftware": "dcm2niix",
    "ConversionSoftwareVersion": "v1.0.20181125  GCC6.3.0",
    "TaskName": "verbgen"
}