{
    "Modality": "MR",
    "MagneticFieldStrength": 3,
    "Manufacturer": "Siemens",
    "ManufacturersModelName": "Prisma",
    "InstitutionName": "",
    "InstitutionalDepartmentName": "",
    "InstitutionAddress": "",
    "DeviceSerialNumber": "66093",
    "StationName": "",
    "BodyPartExamined": "BRAIN",
    "PatientPosition": "HFS",
    "SoftwareVersions": "syngo_MR_E11",
    "MRAcquisitionType": "2D",
    "SeriesDescription": "fieldmap_2p4mm_FoV_216x216x144",
    "ProtocolName": "fieldmap_2p4mm_FoV_216x216x144",
    "ScanningSequence": "GR",
    "SequenceVariant": "SP",
    "SequenceName": "_fm2d2r",
    "ImageType": [
        "ORIGINAL",
        "PRIMARY",
        "M",
        "ND"
    ],
    "SeriesNumber": 7,
    "AcquisitionTime": "",
    "AcquisitionNumber": 1,
    "SliceThickness": 2.4,
    "SpacingBetweenSlices": 2.4,
    "SAR": 0.0765729,
    "EchoTime": 0.00492,
    "RepetitionTime": 0.59,
    "FlipAngle": 46,
    "PartialFourier": 1,
    "BaseResolution": 90,
    "ShimSetting": [
        4922,
        -11414,
        -1413,
        389,
        88,
        -209,
        11,
        84
    ],
    "TxRefAmp": 228.184,
    "PhaseResolution": 1,
    "ReceiveCoilName": "Head_32",
    "ReceiveCoilActiveElements": "HEA;HEP",
    "PulseSequenceDetails": "%SiemensSeq%_gre_field_mapping",
    "ConsistencyInfo": "N4_VE11C_LATEST_20160120",
    "PercentPhaseFOV": 100,
    "PhaseEncodingSteps": 90,
    "AcquisitionMatrixPE": 90,
    "ReconMatrixPE": 90,
    "PixelBandwidth": 610,
    "DwellTime": 9.1e-06,
    "PhaseEncodingDirection": "j-",
    "ImageOrientationPatientDICOM": [
        0.999986,
        5.48745e-05,
        0.00523216,
        -8.40559e-08,
        0.999945,
        -0.0104713
    ],
    "InPlanePhaseEncodingDirectionDICOM": "COL",
    "ConversionSoftware": "dcm2niix",
    "ConversionSoftwareVersion": "v1.0.20180614 GCC6.3.0"
}