{
    "Modality": "MR",
    "MagneticFieldStrength": 3,
    "ImagingFrequency": 123.259,
    "Manufacturer": "Siemens",
    "ManufacturersModelName": "Prisma",
    "InstitutionName": "",
    "InstitutionalDepartmentName": "",
    "InstitutionAddress": "",
    "DeviceSerialNumber": "66093",
    "StationName": "",
    "BodyPartExamined": "BRAIN",
    "PatientPosition": "HFS",
    "SoftwareVersions": "syngo_MR_E11",
    "MRAcquisitionType": "3D",
    "SeriesDescription": "t1_mpr_ax_1mm_iso_32ch_v2",
    "ProtocolName": "t1_mpr_ax_1mm_iso_32ch_v2",
    "ScanningSequence": "GR_IR",
    "SequenceVariant": "SK_SP_MP",
    "ScanOptions": "IR_WE",
    "SequenceName": "_tfl3d1_16",
    "ImageType": [
        "ORIGINAL",
        "PRIMARY",
        "M",
        "ND",
        "NORM"
    ],
    "SeriesNumber": 13,
    "AcquisitionTime": "",
    "AcquisitionNumber": 1,
    "SliceThickness": 1,
    "SAR": 0.0512219,
    "EchoTime": 0.00397,
    "RepetitionTime": 1.9,
    "InversionTime": 0.904,
    "FlipAngle": 8,
    "PartialFourier": 1,
    "BaseResolution": 192,
    "ShimSetting": [
        4939,
        -11390,
        -1383,
        575,
        25,
        -158,
        144,
        69
    ],
    "TxRefAmp": 232.984,
    "PhaseResolution": 1,
    "ReceiveCoilName": "Head_32",
    "ReceiveCoilActiveElements": "HEA;HEP",
    "PulseSequenceDetails": "%SiemensSeq%_tfl",
    "ConsistencyInfo": "N4_VE11C_LATEST_20160120",
    "PercentPhaseFOV": 90.625,
    "PhaseEncodingSteps": 174,
    "AcquisitionMatrixPE": 174,
    "ReconMatrixPE": 192,
    "PixelBandwidth": 200,
    "DwellTime": 1.3e-05,
    "ImageOrientationPatientDICOM": [
        0.999904,
        -0.00156711,
        -0.0137533,
        -3.9601e-11,
        0.993571,
        -0.113212
    ],
    "InPlanePhaseEncodingDirectionDICOM": "ROW",
    "ConversionSoftware": "dcm2niix",
    "ConversionSoftwareVersion": "v1.0.20181125  GCC6.3.0"
}